GEM
  remote: https://rubygems.org/
  specs:
    airbrussh (1.1.1)
      sshkit (>= 1.6.1, != 1.7.0)
    aws (2.10.2)
      http_connection
      uuidtools
      xml-simple
    capistrano (3.6.1)
      airbrussh (>= 1.0.0)
      capistrano-harrow
      i18n
      rake (>= 10.0.0)
      sshkit (>= 1.9.0)
    capistrano-harrow (0.5.3)
    colored (1.2)
    http_connection (1.4.4)
    i18n (0.7.0)
    mime-types (3.1)
      mime-types-data (~> 3.2015)
    mime-types-data (3.2016.0521)
    net-scp (1.2.1)
      net-ssh (>= 2.6.5)
    net-ssh (3.2.0)
    playframework-capistrano (0.0.6)
      capistrano (>= 2.0.0)
    rake (11.3.0)
    simple-cloudfront-invalidator (1.1.0)
      colored (= 1.2)
    sshkit (1.11.3)
      net-scp (>= 1.1.2)
      net-ssh (>= 2.8.0)
    uuidtools (2.1.5)
    xml-simple (1.1.5)

PLATFORMS
  ruby

DEPENDENCIES
  aws
  mime-types
  playframework-capistrano (>= 0.0.6)
  simple-cloudfront-invalidator

BUNDLED WITH
   1.11.2
